GEM
  remote: https://rubygems.org/
  specs:
    dotenv (1.0.2)
    json (1.8.3)
    rack (1.5.2)
    rack-protection (1.5.0)
      rack
    rake (10.4.2)
    sinatra (1.4.2)
      rack (~> 1.5, >= 1.5.2)
      rack-protection (~> 1.4)
      tilt (~> 1.3, >= 1.3.4)
    tilt (1.4.1)

PLATFORMS
  ruby

DEPENDENCIES
  dotenv
  json (>= 1.8.3)
  rake
  sinatra
